GEM
  remote: http://rubygems.org/
  specs:
    multi_json (1.3.6)
    redis (3.0.1)

PLATFORMS
  ruby

DEPENDENCIES
  multi_json
  redis
